GEM
  remote: https://rubygems.org/
  specs:
    coderay (1.1.2)
    method_source (0.9.0)
    pry (0.11.2)
      coderay (~> 1.1.0)
      method_source (~> 0.9.0)
    settingslogic (2.0.9)

PLATFORMS
  ruby

DEPENDENCIES
  pry
  settingslogic

BUNDLED WITH
   1.15.4
